{
    "TaskName": "wordProduction",
    "Manufacturer": "BrainProducts",
    "PowerLineFrequency": 50.0,
    "SamplingFrequency": 1024.0,
    "SoftwareFilters": "n/a",
    "RecordingDuration": 300.3125,
    "RecordingType": "continuous",
    "iEEGReference": "RX13",
    "ECOGChannelCount": 0,
    "SEEGChannelCount": 115,
    "EEGChannelCount": 0,
    "EOGChannelCount": 0,
    "ECGChannelCount": 0,
    "EMGChannelCount": 0,
    "MiscChannelCount": 0,
    "TriggerChannelCount": 0,
    "iEEGGround": "RY10",
    "TaskDescription": "Speech production of 100 unique Dutch words",
    "Instructions": "Speak the word presented on the screen out-loud"
}